GEM
  remote: http://rubygems.org/
  specs:
    metaclass (0.0.1)
    mocha (0.10.0)
      metaclass (~> 0.0.1)
    rake (0.9.2.2)
    rake-compiler (0.8.0)
      rake

PLATFORMS
  ruby

DEPENDENCIES
  mocha
  rake
  rake-compiler
