GEM
  remote: http://rubygems.org/
  specs:
    json (1.6.5)
    metaclass (0.0.1)
    mocha (0.10.4)
      metaclass (~> 0.0.1)
    rake (0.9.2.2)
    rdoc (3.12)
      json (~> 1.4)
    redcarpet (2.1.0)
    yard (0.7.5)

PLATFORMS
  ruby

DEPENDENCIES
  mocha (~> 0.10.4)
  rake (~> 0.9.2.2)
  rdoc (~> 3.12)
  redcarpet
  yard
