GEM
  remote: http://rubygems.org/
  specs:
    diff-lcs (1.1.3)
    json (1.6.5)
    metaclass (0.0.1)
    mocha (0.10.4)
      metaclass (~> 0.0.1)
    rake (0.9.2.2)
    rdoc (3.12)
      json (~> 1.4)
    redcarpet (2.1.0)
    yard (0.7.5)

PLATFORMS
  ruby

DEPENDENCIES
  diff-lcs
  mocha
  rake
  rdoc
  redcarpet
  yard
